GEM
  remote: https://rubygems.org/
  specs:
    foreman (0.78.0)
      thor (~> 0.19.1)
    http_router (0.11.1)
      rack (>= 1.0.0)
      url_mount (~> 0.2.1)
    lotus-router (0.3.0)
      http_router (~> 0.11)
      lotus-utils (~> 0.4)
    lotus-utils (0.4.0)
    rack (1.6.0)
    thor (0.19.1)
    url_mount (0.2.1)
      rack

PLATFORMS
  ruby

DEPENDENCIES
  foreman
  lotus-router
